GEM
  remote: https://rubygems.org/
  specs:
    httparty (0.13.7)
      json (~> 1.8)
      multi_xml (>= 0.5.2)
    json (1.8.3)
    multi_xml (0.5.5)
    psych (2.0.0)
    rake (10.4.2)
    rundeck (1.2.1)
      httparty
      multi_xml

PLATFORMS
  ruby

DEPENDENCIES
  psych
  rake
  rundeck

BUNDLED WITH
   1.10.6
